PATH
  remote: .
  specs:
    heroku (1.14.0)
      json (>= 1.2.0, < 1.5.0)
      launchy (~> 0.3.2)
      rest-client (>= 1.4.0, < 1.7.0)

GEM
  remote: http://rubygems.org/
  specs:
    addressable (2.2.2)
    configuration (1.2.0)
    crack (0.1.8)
    json (1.4.6)
    json_pure (1.4.6)
    launchy (0.3.7)
      configuration (>= 0.0.5)
      rake (>= 0.8.1)
    mime-types (1.16)
    rack (1.2.1)
    rake (0.8.7)
    rest-client (1.6.1)
      mime-types (>= 1.16)
    rspec (1.3.1)
    sequel (3.17.0)
    sinatra (1.0)
      rack (>= 1.0)
    sqlite3-ruby (1.3.2)
    taps (0.3.14)
      json_pure (>= 1.2.0, < 1.5.0)
      rack (>= 1.0.1)
      rest-client (>= 1.4.0, < 1.7.0)
      sequel (~> 3.17.0)
      sinatra (~> 1.0.0)
      sqlite3-ruby (~> 1.2)
    webmock (1.5.0)
      addressable (>= 2.2.2)
      crack (>= 0.1.7)

PLATFORMS
  ruby

DEPENDENCIES
  heroku!
  json (>= 1.2.0, < 1.5.0)
  launchy (~> 0.3.2)
  rake
  rest-client (>= 1.4.0, < 1.7.0)
  rspec (~> 1.3.0)
  taps (~> 0.3.11)
  webmock (~> 1.5.0)
